GIT
  remote: https://github.com/byteit101/rubyserial.git
  revision: de7acda08e5e4e18c2271ebfd8e95227786a6040
  branch: ffi
  specs:
    rubyserial (1.0.0)
      ffi (~> 1.9, >= 1.9.3)

GEM
  remote: https://rubygems.org/
  specs:
    coderay (1.1.2)
    ffi (1.11.1)
    method_source (0.9.2)
    pry (0.12.2)
      coderay (~> 1.1.0)
      method_source (~> 0.9.0)
    ruby-progressbar (1.10.1)

PLATFORMS
  ruby

DEPENDENCIES
  pry
  ruby-progressbar (~> 1.10)
  rubyserial!

BUNDLED WITH
   2.0.2
