GIT
  remote: https://github.com/sh7d/hexdump.git
  revision: 7a5023f9264eba22920279976d3b0f1297840ecc
  specs:
    hexdump (0.2.4)

GEM
  remote: https://rubygems.org/
  specs:
    coderay (1.1.2)
    method_source (0.9.2)
    pry (0.12.2)
      coderay (~> 1.1.0)
      method_source (~> 0.9.0)
    rbuspirate (0.1.2)
      serialport (~> 1.3)
    ruby-progressbar (1.10.1)
    serialport (1.3.1)

PLATFORMS
  ruby

DEPENDENCIES
  hexdump!
  pry (~> 0.12.2)
  rbuspirate (~> 0.1.2)
  ruby-progressbar (~> 1.10)
  serialport (~> 1.3)

BUNDLED WITH
   2.1.4
