GIT
  remote: https://github.com/sh7d/hexdump.git
  revision: 7a5023f9264eba22920279976d3b0f1297840ecc
  specs:
    hexdump (0.2.4)

GEM
  remote: https://rubygems.org/
  specs:
    ruby-progressbar (1.10.1)
    serialport (1.3.1)

PLATFORMS
  ruby

DEPENDENCIES
  hexdump!
  ruby-progressbar (~> 1.10)
  serialport (~> 1.3)

BUNDLED WITH
   2.0.2
