GIT
  remote: https://github.com/byteit101/rubyserial.git
  revision: de7acda08e5e4e18c2271ebfd8e95227786a6040
  branch: ffi
  specs:
    rubyserial (1.0.0)
      ffi (~> 1.9, >= 1.9.3)

GEM
  remote: https://rubygems.org/
  specs:
    ffi (1.11.1)
    ruby-progressbar (1.10.1)

PLATFORMS
  ruby

DEPENDENCIES
  ruby-progressbar (~> 1.10)
  rubyserial!

BUNDLED WITH
   2.0.2
